GIT
  remote: git://github.com/madmaniak/sequel-seek-pagination.git
  revision: 8907400653c551d24a8dae7548de05616883c467
  specs:
    sequel-seek-pagination (0.2.1)
      sequel (~> 4.0)

GEM
  remote: https://rubygems.org/
  specs:
    byebug (9.0.6)
    concurrent-ruby (1.0.4)
    concurrent-ruby-ext (1.0.4)
      concurrent-ruby (= 1.0.4)
    connection_pool (2.2.1)
    disque (0.0.6)
      redic (~> 1.5.0)
    hiredis (0.6.1)
    oj (2.18.1)
    pg (0.19.0)
    redic (1.5.0)
      hiredis
    semantic_logger (3.4.1)
      concurrent-ruby (~> 1.0)
    sequel (4.42.1)
    sequel_pg (1.6.17)
      pg (>= 0.8.0)
      sequel (>= 4.0.0)

PLATFORMS
  ruby

DEPENDENCIES
  byebug
  concurrent-ruby
  concurrent-ruby-ext
  connection_pool
  disque
  oj
  pg
  semantic_logger
  sequel
  sequel-seek-pagination!
  sequel_pg

BUNDLED WITH
   1.13.7
